GEM
  remote: http://rubygems.org/
  specs:
    mini_portile (0.6.2)
    nokogiri (1.6.6.4)
      mini_portile (~> 0.6.0)
    rack (1.6.5)
    rack-protection (1.5.3)
      rack
    sinatra (1.4.8)
      rack (~> 1.5)
      rack-protection (~> 1.4)
      tilt (>= 1.3, < 3)
    tilt (2.0.6)

PLATFORMS
  ruby

DEPENDENCIES
  nokogiri (~> 1.6.6.4)
  sinatra

BUNDLED WITH
   1.13.6
