GEM
  remote: http://rubygems.org/
  specs:
    base64 (0.2.0)
    mini_portile (0.6.2)
    mustermann (3.0.0)
      ruby2_keywords (~> 0.0.1)
    nokogiri (1.6.6.4)
      mini_portile (~> 0.6.0)
    rack (3.0.8)
    rack-protection (4.0.0)
      base64 (>= 0.1.0)
      rack (>= 3.0.0, < 4)
    rack-session (2.0.0)
      rack (>= 3.0.0)
    ruby2_keywords (0.0.5)
    sinatra (4.0.0)
      mustermann (~> 3.0)
      rack (>= 3.0.0, < 4)
      rack-protection (= 4.0.0)
      rack-session (>= 2.0.0, < 3)
      tilt (~> 2.0)
    tilt (2.3.0)

PLATFORMS
  ruby

DEPENDENCIES
  nokogiri (~> 1.6.6.4)
  sinatra (>= 4.0.0)

BUNDLED WITH
   1.17.3
