GEM
  remote: http://rubygems.org/
  specs:
    mini_portile (0.6.2)
    mustermann (1.0.3)
    nokogiri (1.6.6.4)
      mini_portile (~> 0.6.0)
    rack (2.0.6)
    rack-protection (2.0.4)
      rack
    sinatra (2.0.4)
      mustermann (~> 1.0)
      rack (~> 2.0)
      rack-protection (= 2.0.4)
      tilt (~> 2.0)
    tilt (2.0.8)

PLATFORMS
  ruby

DEPENDENCIES
  nokogiri (~> 1.6.6.4)
  sinatra (>= 1.4.8)

BUNDLED WITH
   1.16.6
