GEM
  remote: http://rubygems.org/
  specs:
    mini_portile2 (2.4.0)
    mustermann (3.0.0)
      ruby2_keywords (~> 0.0.1)
    nokogiri (1.10.5)
      mini_portile2 (~> 2.4.0)
    rack (2.2.6.3)
    rack-protection (3.0.5)
      rack
    ruby2_keywords (0.0.5)
    sinatra (3.0.5)
      mustermann (~> 3.0)
      rack (~> 2.2, >= 2.2.4)
      rack-protection (= 3.0.5)
      tilt (~> 2.0)
    tilt (2.1.0)

PLATFORMS
  ruby

DEPENDENCIES
  nokogiri (~> 1.10.5.0)
  sinatra (>= 2.0.0)

BUNDLED WITH
   1.17.3
